GEM
  remote: https://rubygems.org/
  specs:
    hologram (1.4.0)
      redcarpet (>= 2.2, < 4.0)
      rouge (>= 1.5)
    rake (12.3.3)
    redcarpet (3.6.0)
    rouge (4.1.0)

PLATFORMS
  ruby
  x86-mingw32

DEPENDENCIES
  hologram
  rake (~> 12.0)

BUNDLED WITH
   2.3.3
